GEM
  remote: https://rubygems.org/
  specs:
    amqp-client (1.1.4)
    dotenv (2.8.1)

PLATFORMS
  arm64-darwin-21
  arm64-darwin-23

DEPENDENCIES
  amqp-client
  dotenv

BUNDLED WITH
   2.4.3
